GIT
  remote: https://github.com/mirah/mirah.git
  revision: 8a492b2c6b5d669a8433320334957c2531c02c1f
  specs:
    mirah (0.1.0.dev-java)
      bitescript (>= 0.0.8)

GIT
  remote: https://github.com/mirah/pindah.git
  revision: 835604f0e5ae3eeb58e9475e92ef9ae7d8c7bdca
  specs:
    pindah (0.1.3.dev)
      mirah (>= 0.0.10.dev)

GEM
  remote: http://rubygems.org/
  specs:
    bitescript (0.1.0)
    rake (0.9.2.2)

PLATFORMS
  java

DEPENDENCIES
  mirah!
  pindah!
  rake
